GEM
  remote: https://rubygems.org/
  specs:
    backports (3.15.0)
    dotenv (2.7.5)
    fileutils (1.1.0)
    json (2.1.0)
    multi_json (1.14.1)
    mustermann (1.0.3)
    rack (2.1.4)
    rack-protection (2.0.7)
      rack
    sinatra (2.0.7)
      mustermann (~> 1.0)
      rack (~> 2.0)
      rack-protection (= 2.0.7)
      tilt (~> 2.0)
    sinatra-contrib (2.0.7)
      backports (>= 2.8.2)
      multi_json
      mustermann (~> 1.0)
      rack-protection (= 2.0.7)
      sinatra (= 2.0.7)
      tilt (~> 2.0)
    sinatra-cross_origin (0.4.0)
    tilt (2.0.10)

PLATFORMS
  ruby

DEPENDENCIES
  dotenv
  fileutils
  json
  rack
  sinatra
  sinatra-contrib
  sinatra-cross_origin

BUNDLED WITH
   1.17.3
